GEM
  remote: https://rubygems.org/
  specs:
    minitest (5.15.0)
    ruby2d (0.11.3)

PLATFORMS
  arm64-darwin-21

DEPENDENCIES
  minitest (~> 5.15)
  ruby2d

BUNDLED WITH
   2.2.3
